PATH
  remote: .
  specs:
    url_ban_list (1.0.0)

GEM
  remote: https://rubygems.org/
  specs:
    minitest (5.17.0)
    rake (13.0.6)

PLATFORMS
  arm64-darwin-22

DEPENDENCIES
  minitest (~> 5.0)
  rake (~> 13.0)
  url_ban_list!

BUNDLED WITH
   2.3.26
